GEM
  remote: https://rubygems.org/
  specs:
    addressable (2.3.6)
    colorize (0.7.3)
    commander (4.4.3)
      highline (~> 1.7.2)
    eventmachine (1.0.7)
    faye-websocket (0.8.0)
      eventmachine (>= 0.12.0)
      websocket-driver (>= 0.4.0)
    highline (1.7.8)
    json (1.8.6)
    launchy (2.4.3)
      addressable (~> 2.3)
    moonrope-client (1.0.1)
      json (~> 1.8, >= 1.8.0)
    rake (10.4.2)
    terminal-table (1.4.5)
    viaduct-api (1.0.7)
      faye-websocket (~> 0.8)
      moonrope-client (~> 1.0.1)
    websocket-driver (0.4.0)

PLATFORMS
  ruby

DEPENDENCIES
  colorize (~> 0.7)
  commander (~> 4.2)
  eventmachine (>= 1.0.7, < 1.1)
  json (~> 1.8.5)
  launchy (>= 2.4.2, < 3.0)
  rake
  terminal-table (~> 1.4, >= 1.4.5)
  viaduct-api (~> 1.0, >= 1.0.7)

BUNDLED WITH
   1.14.6
