PATH
  remote: .
  specs:
    viaduct-toolkit (0.1.0)
      colorize (~> 0.7)
      commander (~> 4.2)
      launchy (>= 2.4.2, < 3.0)
      terminal-table (~> 1.4, >= 1.4.5)
      viaduct-api (~> 1.0.5)

GEM
  remote: https://rubygems.org/
  specs:
    addressable (2.3.6)
    colorize (0.7.3)
    commander (4.2.1)
      highline (~> 1.6.11)
    eventmachine (1.0.3)
    faye-websocket (0.7.5)
      eventmachine (>= 0.12.0)
      websocket-driver (>= 0.3.5)
    highline (1.6.21)
    json (1.8.1)
    launchy (2.4.2)
      addressable (~> 2.3)
    moonrope-client (1.0.1)
      json (~> 1.8, >= 1.8.0)
    terminal-table (1.4.5)
    viaduct-api (1.0.6)
      faye-websocket (~> 0.7.5)
      moonrope-client (~> 1.0.1)
    websocket-driver (0.3.5)

PLATFORMS
  ruby

DEPENDENCIES
  viaduct-toolkit!
